GEM
  remote: https://rubygems.org/
  specs:
    diff-lcs (1.5.1)
    docile (1.1.5)
    ice_cube (0.16.4)
    json (2.7.1)
    liquid (5.4.0)
    plist (3.5.0)
    rake (13.1.0)
    rspec (3.13.0)
      rspec-core (~> 3.13.0)
      rspec-expectations (~> 3.13.0)
      rspec-mocks (~> 3.13.0)
    rspec-core (3.13.0)
      rspec-support (~> 3.13.0)
    rspec-expectations (3.13.0)
      diff-lcs (>= 1.2.0, < 2.0)
      rspec-support (~> 3.13.0)
    rspec-mocks (3.13.0)
      diff-lcs (>= 1.2.0, < 2.0)
      rspec-support (~> 3.13.0)
    rspec-support (3.13.1)
    simplecov (0.15.1)
      docile (~> 1.1.0)
      json (>= 1.8, < 3)
      simplecov-html (~> 0.10.0)
    simplecov-html (0.10.2)
    sqlite3 (1.7.2-aarch64-linux)
    sqlite3 (1.7.2-arm-linux)
    sqlite3 (1.7.2-arm64-darwin)
    sqlite3 (1.7.2-x86-linux)
    sqlite3 (1.7.2-x86_64-darwin)
    sqlite3 (1.7.2-x86_64-linux)
    yard (0.9.36)
    zaru (0.3.0)

PLATFORMS
  aarch64-linux
  arm-linux
  arm64-darwin
  x86-linux
  x86_64-darwin
  x86_64-linux

DEPENDENCIES
  ice_cube
  liquid (>= 4.0.3)
  plist (~> 3.5.0)
  rake (>= 12.3.3)
  rspec (~> 3.8)
  simplecov (~> 0.15.1)
  sqlite3 (>= 1.4.2)
  yard (>= 0.9.20)
  zaru (~> 0.3.0)

BUNDLED WITH
   2.5.3
