GEM
  remote: https://rubygems.org/
  specs:
    diff-lcs (1.5.0)
    docile (1.1.5)
    ice_cube (0.16.4)
    json (2.6.1)
    liquid (5.1.0)
    plist (3.5.0)
    rake (13.0.6)
    rspec (3.10.0)
      rspec-core (~> 3.10.0)
      rspec-expectations (~> 3.10.0)
      rspec-mocks (~> 3.10.0)
    rspec-core (3.10.1)
      rspec-support (~> 3.10.0)
    rspec-expectations (3.10.1)
      diff-lcs (>= 1.2.0, < 2.0)
      rspec-support (~> 3.10.0)
    rspec-mocks (3.10.2)
      diff-lcs (>= 1.2.0, < 2.0)
      rspec-support (~> 3.10.0)
    rspec-support (3.10.3)
    simplecov (0.15.1)
      docile (~> 1.1.0)
      json (>= 1.8, < 3)
      simplecov-html (~> 0.10.0)
    simplecov-html (0.10.2)
    sqlite3 (1.4.2)
    yard (0.9.36)
    zaru (0.3.0)

PLATFORMS
  arm64-darwin-21
  x86_64-linux

DEPENDENCIES
  ice_cube
  liquid (>= 4.0.3)
  plist (~> 3.5.0)
  rake (>= 12.3.3)
  rspec (~> 3.8)
  simplecov (~> 0.15.1)
  sqlite3 (>= 1.4.2)
  yard (>= 0.9.20)
  zaru (~> 0.3.0)

BUNDLED WITH
   2.3.3
